GEM
  remote: https://rubygems.org/
  specs:
    beefcake (0.3.7)
    loggregator_emitter (0.0.13.pre)
      beefcake (~> 0.3.7)
    rack (1.5.2)
    rack-protection (1.5.0)
      rack
    sinatra (1.4.3)
      rack (~> 1.4)
      rack-protection (~> 1.4)
      tilt (~> 1.3, >= 1.3.4)
    tilt (1.4.1)

PLATFORMS
  ruby

DEPENDENCIES
  loggregator_emitter (~> 0.0.13.pre)
  sinatra
